GIT
  remote: git://github.com/dominikh/filesize.git
  revision: e9d9e49f9552e37bc265280e793e21a089896331
  specs:
    filesize (0.1.1)

GEM
  specs:

PLATFORMS
  ruby

DEPENDENCIES
  filesize!

BUNDLED WITH
   1.12.3
