GEM
  remote: https://rubygems.org/
  specs:
    aws-sdk (2.2.3)
      aws-sdk-resources (= 2.2.3)
    aws-sdk-core (2.2.3)
      jmespath (~> 1.0)
    aws-sdk-resources (2.2.3)
      aws-sdk-core (= 2.2.3)
    concurrent-ruby (1.0.2)
    ffi (1.9.14)
    filesize (0.1.1)
    jmespath (1.1.3)
    parallel (1.8.0)

PLATFORMS
  ruby

DEPENDENCIES
  aws-sdk (~> 2)
  concurrent-ruby
  ffi
  filesize
  parallel

BUNDLED WITH
   1.12.5
