GEM
  remote: https://rubygems.org/
  specs:
    ffi (1.9.14)
    filesize (0.1.1)

PLATFORMS
  ruby

DEPENDENCIES
  ffi
  filesize

BUNDLED WITH
   1.12.5
