GEM
  remote: https://rubygems.org/
  specs:
    ffi (1.9.14)
    filesize (0.1.1)
    parallel (1.8.0)

PLATFORMS
  ruby

DEPENDENCIES
  ffi
  filesize
  parallel

BUNDLED WITH
   1.12.5
